GEM
  remote: https://rubygems.org/
  specs:
    daemons (1.2.4)
    diff-lcs (1.2.5)
    eventmachine (1.2.0.1)
    multi_json (1.12.1)
    rack (1.6.5)
    rack-protection (1.5.3)
      rack
    rake (12.0.0)
    rspec (3.5.0)
      rspec-core (~> 3.5.0)
      rspec-expectations (~> 3.5.0)
      rspec-mocks (~> 3.5.0)
    rspec-core (3.5.2)
      rspec-support (~> 3.5.0)
    rspec-expectations (3.5.0)
      diff-lcs (>= 1.2.0, < 2.0)
      rspec-support (~> 3.5.0)
    rspec-mocks (3.5.0)
      diff-lcs (>= 1.2.0, < 2.0)
      rspec-support (~> 3.5.0)
    rspec-support (3.5.0)
    sinatra (1.4.7)
      rack (~> 1.5)
      rack-protection (~> 1.4)
      tilt (>= 1.3, < 3)
    sinatra-json (0.1.0)
      multi_json (~> 1.0)
      sinatra (~> 1.0)
    sqlite3 (1.3.13)
    thin (1.7.0)
      daemons (~> 1.0, >= 1.0.9)
      eventmachine (~> 1.0, >= 1.0.4)
      rack (>= 1, < 3)
    tilt (2.0.5)

PLATFORMS
  ruby

DEPENDENCIES
  rake
  rspec
  sinatra (~> 1.4.7)
  sinatra-json
  sqlite3
  thin

BUNDLED WITH
   1.13.7
